GEM
  remote: https://rubygems.org/
  specs:
    colorize (0.8.1)
    commander (4.4.0)
      highline (~> 1.7.2)
    concurrent-ruby (1.0.2)
    connection_pool (2.2.1)
    highline (1.7.8)
    rack (1.6.5)
    rack-protection (1.5.3)
      rack
    redis (3.3.2)
    remote_lock (1.1.0)
    sidekiq (4.2.6)
      concurrent-ruby (~> 1.0)
      connection_pool (~> 2.2, >= 2.2.0)
      rack-protection (>= 1.5.0)
      redis (~> 3.2, >= 3.2.1)
    sinatra (1.4.7)
      rack (~> 1.5)
      rack-protection (~> 1.4)
      tilt (>= 1.3, < 3)
    tilt (2.0.5)
    yard (0.9.5)

PLATFORMS
  ruby

DEPENDENCIES
  colorize
  commander
  remote_lock
  sidekiq
  sinatra
  yard

BUNDLED WITH
   1.13.2
